PATH
  remote: ../digital-nsw-template
  specs:
    digital-nsw-template (0.0.1)
      bootstrap (~> 4.0.0)
      sass (>= 3.5.2)
      sprockets (>= 3.7.0)

GEM
  remote: https://rubygems.org/
  specs:
    autoprefixer-rails (8.6.5)
      execjs
    bootstrap (4.0.0)
      autoprefixer-rails (>= 6.0.3)
      popper_js (>= 1.12.9, < 2)
      sass (>= 3.5.2)
    concurrent-ruby (1.0.5)
    execjs (2.7.0)
    ffi (1.9.25)
    foreman (0.85.0)
      thor (~> 0.19.1)
    mustermann (1.0.2)
    popper_js (1.12.9)
    puma (3.11.4)
    rack (2.0.5)
    rack-protection (2.0.3)
      rack
    rb-fsevent (0.10.3)
    rb-inotify (0.9.10)
      ffi (>= 0.5.0, < 2)
    sass (3.5.6)
      sass-listen (~> 4.0.0)
    sass-listen (4.0.0)
      rb-fsevent (~> 0.9, >= 0.9.4)
      rb-inotify (~> 0.9, >= 0.9.7)
    shotgun (0.9.2)
      rack (>= 1.0)
    sinatra (2.0.3)
      mustermann (~> 1.0)
      rack (~> 2.0)
      rack-protection (= 2.0.3)
      tilt (~> 2.0)
    sprockets (3.7.2)
      concurrent-ruby (~> 1.0)
      rack (> 1, < 3)
    thor (0.19.4)
    tilt (2.0.8)
    uglifier (4.1.9)
      execjs (>= 0.3.0, < 3)

PLATFORMS
  ruby

DEPENDENCIES
  digital-nsw-template!
  foreman
  puma
  shotgun
  sinatra
  uglifier

BUNDLED WITH
   1.16.1
