PATH
  remote: ../digital_nsw_template
  specs:
    digital_nsw_template (0.0.3)
      bootstrap (~> 4.0.0)
      sass (>= 3.5.2)
      sprockets (>= 3.7.0)

GEM
  remote: https://rubygems.org/
  specs:
    activesupport (5.2.0)
      concurrent-ruby (~> 1.0, >= 1.0.2)
      i18n (>= 0.7, < 2)
      minitest (~> 5.1)
      tzinfo (~> 1.1)
    autoprefixer-rails (8.6.5)
      execjs
    backports (3.11.3)
    bootstrap (4.0.0)
      autoprefixer-rails (>= 6.0.3)
      popper_js (>= 1.12.9, < 2)
      sass (>= 3.5.2)
    concurrent-ruby (1.0.5)
    execjs (2.7.0)
    ffi (1.9.25)
    foreman (0.85.0)
      thor (~> 0.19.1)
    i18n (1.0.1)
      concurrent-ruby (~> 1.0)
    listen (3.1.5)
      rb-fsevent (~> 0.9, >= 0.9.4)
      rb-inotify (~> 0.9, >= 0.9.7)
      ruby_dep (~> 1.2)
    minitest (5.11.3)
    multi_json (1.13.1)
    mustermann (1.0.2)
    popper_js (1.12.9)
    puma (3.11.4)
    rack (2.0.5)
    rack-protection (2.0.3)
      rack
    rb-fsevent (0.10.3)
    rb-inotify (0.9.10)
      ffi (>= 0.5.0, < 2)
    rerun (0.13.0)
      listen (~> 3.0)
    ruby_dep (1.5.0)
    sass (3.5.6)
      sass-listen (~> 4.0.0)
    sass-listen (4.0.0)
      rb-fsevent (~> 0.9, >= 0.9.4)
      rb-inotify (~> 0.9, >= 0.9.7)
    shotgun (0.9.2)
      rack (>= 1.0)
    sinatra (2.0.3)
      mustermann (~> 1.0)
      rack (~> 2.0)
      rack-protection (= 2.0.3)
      tilt (~> 2.0)
    sinatra-contrib (2.0.3)
      activesupport (>= 4.0.0)
      backports (>= 2.8.2)
      multi_json
      mustermann (~> 1.0)
      rack-protection (= 2.0.3)
      sinatra (= 2.0.3)
      tilt (>= 1.3, < 3)
    sprockets (3.7.2)
      concurrent-ruby (~> 1.0)
      rack (> 1, < 3)
    terminal-notifier (2.0.0)
    thor (0.19.4)
    thread_safe (0.3.6)
    tilt (2.0.8)
    tzinfo (1.2.5)
      thread_safe (~> 0.1)
    uglifier (4.1.14)
      execjs (>= 0.3.0, < 3)

PLATFORMS
  ruby

DEPENDENCIES
  activesupport (~> 5.2.0)
  digital_nsw_template!
  foreman
  puma
  rerun
  shotgun
  sinatra
  sinatra-contrib
  terminal-notifier
  uglifier

BUNDLED WITH
   1.16.1
